GIT
  remote: git@github.com:hassaniftikhar/xml_magic.git
  revision: 4ceed3331cfc16c2e8a4bc848c5bbb6758635a27
  branch: omit_slots
  specs:
    xml-magic (0.1.1)

GEM
  remote: http://rubygems.org/
  specs:
    diff-lcs (1.1.3)
    git (1.2.5)
    jeweler (1.6.4)
      bundler (~> 1.0)
      git (>= 1.2.5)
      rake
    json (1.6.5)
    mime-types (1.17.2)
    rake (0.9.2.2)
    rdoc (3.12)
      json (~> 1.4)
    rspec (2.8.0)
      rspec-core (~> 2.8.0)
      rspec-expectations (~> 2.8.0)
      rspec-mocks (~> 2.8.0)
    rspec-core (2.8.0)
    rspec-expectations (2.8.0)
      diff-lcs (~> 1.1.2)
    rspec-mocks (2.8.0)

PLATFORMS
  ruby

DEPENDENCIES
  bundler (~> 1)
  jeweler (~> 1.6.4)
  mime-types
  rdoc
  rspec
  xml-magic!
